GEM
  remote: https://rubygems.org/
  specs:
    color (1.4.2)
    diff-lcs (1.2.4)
    em-rspec (0.1.1)
      eventmachine (>= 0.12.10)
    eventmachine (1.0.3)
    rainbow (1.1.4)
    rspec (2.14.1)
      rspec-core (~> 2.14.0)
      rspec-expectations (~> 2.14.0)
      rspec-mocks (~> 2.14.0)
    rspec-core (2.14.5)
    rspec-expectations (2.14.3)
      diff-lcs (>= 1.1.3, < 2.0)
    rspec-mocks (2.14.3)

PLATFORMS
  ruby

DEPENDENCIES
  color
  em-rspec
  eventmachine
  rainbow
  rspec
